GEM
  remote: https://rubygems.org/
  specs:
    activesupport (5.0.0.1)
      concurrent-ruby (~> 1.0, >= 1.0.2)
      i18n (~> 0.7)
      minitest (~> 5.1)
      tzinfo (~> 1.1)
    aws-sdk (2.5.4)
      aws-sdk-resources (= 2.5.4)
    aws-sdk-core (2.5.4)
      jmespath (~> 1.0)
    aws-sdk-resources (2.5.4)
      aws-sdk-core (= 2.5.4)
    concurrent-ruby (1.0.2)
    i18n (0.7.0)
    jmespath (1.3.1)
    json (2.0.2)
    minitest (5.9.0)
    rack (1.6.4)
    rack-protection (1.5.3)
      rack
    sinatra (1.4.7)
      rack (~> 1.5)
      rack-protection (~> 1.4)
      tilt (>= 1.3, < 3)
    thread_safe (0.3.5)
    tilt (2.0.5)
    tzinfo (1.2.2)
      thread_safe (~> 0.1)

PLATFORMS
  ruby

DEPENDENCIES
  activesupport
  aws-sdk (~> 2)
  json
  sinatra

BUNDLED WITH
   1.12.5
